GEM
  remote: https://rubygems.org/
  specs:
    coderay (1.1.0)
    debugger-ruby_core_source (1.3.8)
    erubis (2.7.0)
    kgio (2.10.0)
    method_source (0.8.2)
    mysql2 (0.4.0)
    mysql2-cs-bind (0.0.6)
      mysql2
    newrelic_rpm (3.13.1.300)
    pry (0.10.2)
      coderay (~> 1.1.0)
      method_source (~> 0.8.1)
      slop (~> 3.4)
    rack (1.6.4)
    rack-lineprof (0.0.3)
      rack (~> 1.5)
      rblineprof (~> 0.3.6)
      term-ansicolor (~> 1.3)
    rack-protection (1.5.3)
      rack
    raindrops (0.15.0)
    rblineprof (0.3.6)
      debugger-ruby_core_source (~> 1.3)
    sinatra (1.4.6)
      rack (~> 1.4)
      rack-protection (~> 1.4)
      tilt (>= 1.3, < 3)
    slop (3.6.0)
    term-ansicolor (1.3.2)
      tins (~> 1.0)
    tilt (2.0.1)
    tins (1.6.0)
    unicorn (4.9.0)
      kgio (~> 2.6)
      rack
      raindrops (~> 0.7)

PLATFORMS
  ruby

DEPENDENCIES
  erubis
  mysql2
  mysql2-cs-bind
  newrelic_rpm
  pry
  rack-lineprof
  sinatra
  unicorn

BUNDLED WITH
   1.10.6
